GEM
  remote: https://rubygems.org/
  specs:
    coderay (1.1.2)
    domain_name (0.5.20180417)
      unf (>= 0.0.5, < 1.0.0)
    dotenv (2.7.1)
    http-cookie (1.0.3)
      domain_name (~> 0.5)
    method_source (0.9.2)
    mime-types (2.99.3)
    mustermann (1.0.3)
    netrc (0.11.0)
    paralleldots (3.2.8)
      parseconfig (~> 1.0, >= 1.0.8)
      rest-client (~> 1.8, >= 1.8.0)
    parseconfig (1.0.8)
    pry (0.12.2)
      coderay (~> 1.1.0)
      method_source (~> 0.9.0)
    rack (2.0.6)
    rack-protection (2.0.5)
      rack
    rest-client (1.8.0)
      http-cookie (>= 1.0.2, < 2.0)
      mime-types (>= 1.16, < 3.0)
      netrc (~> 0.7)
    shotgun (0.9.2)
      rack (>= 1.0)
    sinatra (2.0.5)
      mustermann (~> 1.0)
      rack (~> 2.0)
      rack-protection (= 2.0.5)
      tilt (~> 2.0)
    tilt (2.0.9)
    unf (0.1.4)
      unf_ext
    unf_ext (0.0.7.5)

PLATFORMS
  ruby

DEPENDENCIES
  dotenv
  paralleldots
  pry
  shotgun
  sinatra

BUNDLED WITH
   2.0.1
